PATH
  remote: gem
  specs:
    bittn (0.1.0)

GEM
  remote: https://rubygems.org/
  specs:
    addressable (2.7.0)
      public_suffix (>= 2.0.2, < 5.0)
    byebug (11.1.3)
    coderay (1.1.3)
    highline (2.0.3)
    launchy (2.5.0)
      addressable (~> 2.7)
    method_source (1.0.0)
    parslet (2.0.0)
    pry (0.13.1)
      coderay (~> 1.1)
      method_source (~> 1.0)
    public_suffix (4.0.6)
    rake (13.0.1)

PLATFORMS
  ruby

DEPENDENCIES
  bittn!
  byebug
  highline
  launchy
  parslet
  pry
  rake

BUNDLED WITH
   1.17.2
