PATH
  remote: gem
  specs:
    bittn (0.1.0)

GEM
  remote: https://rubygems.org/
  specs:
    byebug (11.1.3)
    coderay (1.1.3)
    method_source (1.0.0)
    parslet (2.0.0)
    pry (0.13.1)
      coderay (~> 1.1)
      method_source (~> 1.0)

PLATFORMS
  ruby

DEPENDENCIES
  bittn!
  byebug
  parslet
  pry

BUNDLED WITH
   1.17.2
